PATH
  remote: .
  specs:
    ror-lsp (0.1.0)
      language_server-protocol (~> 3.17.0)
      syntax_tree (~> 6.1.1)
      zeitwerk (~> 2.6.6)

GEM
  remote: https://rubygems.org/
  specs:
    ast (2.4.2)
    debug (1.7.0)
      irb (>= 1.5.0)
      reline (>= 0.3.1)
    docile (1.4.0)
    io-console (0.5.11)
    irb (1.5.1)
      reline (>= 0.3.0)
    json (2.6.2)
    language_server-protocol (3.17.0.1)
    minitest (5.16.3)
    minitest-json-reporter (0.1.5)
    parallel (1.22.1)
    parser (3.1.3.0)
      ast (~> 2.4.1)
    prettier_print (1.2.1)
    rainbow (3.1.1)
    rake (13.0.6)
    regexp_parser (2.6.1)
    reline (0.3.1)
      io-console (~> 0.5)
    rexml (3.2.5)
    rubocop (1.39.0)
      json (~> 2.3)
      parallel (~> 1.10)
      parser (>= 3.1.2.1)
      rainbow (>= 2.2.2, < 4.0)
      regexp_parser (>= 1.8, < 3.0)
      rexml (>= 3.2.5, < 4.0)
      rubocop-ast (>= 1.23.0, < 2.0)
      ruby-progressbar (~> 1.7)
      unicode-display_width (>= 1.4.0, < 3.0)
    rubocop-ast (1.24.0)
      parser (>= 3.1.1.0)
    rubocop-performance (1.15.1)
      rubocop (>= 1.7.0, < 2.0)
      rubocop-ast (>= 0.4.0)
    ruby-progressbar (1.11.0)
    simplecov (0.21.2)
      docile (~> 1.1)
      simplecov-html (~> 0.11)
      simplecov_json_formatter (~> 0.1)
    simplecov-html (0.12.3)
    simplecov_json_formatter (0.1.4)
    standard (1.19.0)
      language_server-protocol (= 3.17.0.1)
      rubocop (= 1.39.0)
      rubocop-performance (= 1.15.1)
    syntax_tree (6.1.1)
      prettier_print (>= 1.2.0)
    unicode-display_width (2.3.0)
    zeitwerk (2.6.6)

PLATFORMS
  arm64-darwin-22
  x86_64-darwin-21
  x86_64-linux

DEPENDENCIES
  debug (~> 1.7.0)
  minitest (~> 5.0)
  minitest-json-reporter
  rake (~> 13.0)
  ror-lsp!
  rubocop (~> 1.21)
  simplecov
  standard (~> 1.19.0)

BUNDLED WITH
   2.4.7
