PATH
  remote: .
  specs:
    ror-lsp (0.1.0)

GEM
  remote: https://rubygems.org/
  specs:
    ast (2.4.2)
    debug (1.7.0)
      irb (>= 1.5.0)
      reline (>= 0.3.1)
    io-console (0.5.11)
    irb (1.5.1)
      reline (>= 0.3.0)
    json (2.6.2)
    minitest (5.16.3)
    parallel (1.22.1)
    parser (3.1.3.0)
      ast (~> 2.4.1)
    rainbow (3.1.1)
    rake (13.0.6)
    regexp_parser (2.6.1)
    reline (0.3.1)
      io-console (~> 0.5)
    rexml (3.2.5)
    rubocop (1.39.0)
      json (~> 2.3)
      parallel (~> 1.10)
      parser (>= 3.1.2.1)
      rainbow (>= 2.2.2, < 4.0)
      regexp_parser (>= 1.8, < 3.0)
      rexml (>= 3.2.5, < 4.0)
      rubocop-ast (>= 1.23.0, < 2.0)
      ruby-progressbar (~> 1.7)
      unicode-display_width (>= 1.4.0, < 3.0)
    rubocop-ast (1.24.0)
      parser (>= 3.1.1.0)
    rubocop-performance (1.15.1)
      rubocop (>= 1.7.0, < 2.0)
      rubocop-ast (>= 0.4.0)
    ruby-progressbar (1.11.0)
    standard (1.18.1)
      rubocop (= 1.39.0)
      rubocop-performance (= 1.15.1)
    standardrb (1.0.1)
      standard
    unicode-display_width (2.3.0)

PLATFORMS
  x86_64-darwin-21
  x86_64-linux

DEPENDENCIES
  debug (~> 1.7.0)
  minitest (~> 5.0)
  rake (~> 13.0)
  ror-lsp!
  rubocop (~> 1.21)
  standardrb

BUNDLED WITH
   2.3.22
